GEM
  remote: https://rubygems.org/
  specs:
    rake (10.0.3)
    sass (3.2.5)

PLATFORMS
  ruby

DEPENDENCIES
  rake
  sass
